GEM
  remote: https://rubygems.org/
  specs:
    activemodel (4.2.5)
      activesupport (= 4.2.5)
      builder (~> 3.1)
    activerecord (4.2.5)
      activemodel (= 4.2.5)
      activesupport (= 4.2.5)
      arel (~> 6.0)
    activesupport (4.2.5)
      i18n (~> 0.7)
      json (~> 1.7, >= 1.7.7)
      minitest (~> 5.1)
      thread_safe (~> 0.3, >= 0.3.4)
      tzinfo (~> 1.1)
    arel (6.0.3)
    bcrypt (3.1.10)
    builder (3.2.2)
    capybara (2.5.0)
      mime-types (>= 1.16)
      nokogiri (>= 1.3.3)
      rack (>= 1.0.0)
      rack-test (>= 0.5.4)
      xpath (~> 2.0)
    connection_pool (2.2.0)
    erubis (2.7.0)
    fabrication (2.14.1)
    faker (1.5.0)
      i18n (~> 0.5)
    hiredis (0.6.0)
    i18n (0.7.0)
    json (1.8.3)
    mime-types (2.6.2)
    mini_portile (0.6.2)
    minitest (5.8.2)
    minitest-capybara (0.7.2)
      capybara (~> 2.2)
      minitest (~> 5.0)
      rake
    newrelic_rpm (3.14.0.305)
    nokogiri (1.6.6.2)
      mini_portile (~> 0.6.0)
    pg (0.18.4)
    puma (2.15.3)
    rack (1.6.4)
    rack-cache (1.5.1)
      rack (>= 0.4)
    rack-protection (1.5.3)
      rack
    rack-test (0.6.3)
      rack (>= 1.0)
    rake (10.4.2)
    readthis (1.0.0)
      connection_pool (~> 2.1)
      redis (~> 3.0)
    redis (3.2.1)
    redis-rack-cache (1.2.2)
      rack-cache (~> 1.2)
      redis-store (~> 1.1.0)
    redis-store (1.1.7)
      redis (>= 2.2)
    require_all (1.3.3)
    sinatra (1.4.6)
      rack (~> 1.4)
      rack-protection (~> 1.4)
      tilt (>= 1.3, < 3)
    sinatra-activerecord (2.0.9)
      activerecord (>= 3.2)
      sinatra (~> 1.0)
    sinatra-flash (0.3.0)
      sinatra (>= 1.0.0)
    sqlite3 (1.3.11)
    thread_safe (0.3.5)
    tilt (2.0.1)
    tzinfo (1.2.2)
      thread_safe (~> 0.1)
    xpath (2.0.0)
      nokogiri (~> 1.3)

PLATFORMS
  ruby

DEPENDENCIES
  bcrypt (>= 3.1.10)
  capybara (>= 2.5.0)
  erubis
  fabrication (>= 2.14.1)
  faker (>= 1.5.0)
  hiredis (>= 0.6.0)
  minitest (>= 5.8.2)
  minitest-capybara (>= 0.7.2)
  newrelic_rpm (>= 3.14.0.305)
  pg (>= 0.18.3)
  puma (>= 2.15.2)
  rack-cache (>= 1.5.1)
  rack-test (>= 0.6.3)
  rake (>= 10.4.2)
  readthis (>= 1.0)
  redis (>= 3.2.1)
  redis-rack-cache (>= 1.2.2)
  require_all (>= 1.3.3)
  sinatra (>= 1.4.6)
  sinatra-activerecord (>= 2.0.9)
  sinatra-flash (>= 0.3.0)
  sqlite3 (>= 1.3.11)

BUNDLED WITH
   1.10.6
